GEM
  remote: https://rubygems.org/
  specs:
    rack (1.6.4)
    rack-protection (1.5.3)
      rack
    rake (11.3.0)
    redis (3.3.1)
    redis-sinatra (1.4.0)
      redis-store (~> 1.1.0)
      sinatra (~> 1.4.0)
    redis-store (1.1.7)
      redis (>= 2.2)
    shotgun (0.9.2)
      rack (>= 1.0)
    sinatra (1.4.7)
      rack (~> 1.5)
      rack-protection (~> 1.4)
      tilt (>= 1.3, < 3)
    tilt (2.0.5)

PLATFORMS
  ruby

DEPENDENCIES
  rake
  redis
  redis-sinatra
  shotgun
  sinatra

BUNDLED WITH
   1.12.5
